GEM
  remote: https://rubygems.org/
  specs:
    addressable (2.8.7)
      public_suffix (>= 2.0.2, < 7.0)
    baran (0.1.12)
    debug (1.9.2)
      irb (~> 1.10)
      reline (>= 0.3.8)
    dotenv (3.1.4)
    event_stream_parser (1.0.0)
    faraday (2.12.0)
      faraday-net_http (>= 2.0, < 3.4)
      json
      logger
    faraday-mashify (0.1.1)
      faraday (~> 2.0)
      hashie
    faraday-multipart (1.0.4)
      multipart-post (~> 2)
    faraday-net_http (3.3.0)
      net-http
    hashie (5.0.0)
    io-console (0.7.2)
    irb (1.14.1)
      rdoc (>= 4.0.0)
      reline (>= 0.4.2)
    json (2.7.2)
    json-schema (4.3.1)
      addressable (>= 2.8)
    langchainrb (0.17.1)
      baran (~> 0.1.9)
      json-schema (~> 4)
      matrix
      pragmatic_segmenter (~> 0.3.0)
      zeitwerk (~> 2.5)
    logger (1.6.1)
    matrix (0.4.2)
    multipart-post (2.4.1)
    net-http (0.4.1)
      uri
    notion-ruby-client (1.2.2)
      faraday (>= 2.0)
      faraday-mashify (>= 0.1.1)
      faraday-multipart (>= 1.0.4)
      hashie (~> 5)
    pragmatic_segmenter (0.3.24)
    psych (5.1.2)
      stringio
    public_suffix (6.0.1)
    rdoc (6.7.0)
      psych (>= 4.0.0)
    reline (0.5.10)
      io-console (~> 0.5)
    ruby-openai (7.1.0)
      event_stream_parser (>= 0.3.0, < 2.0.0)
      faraday (>= 1)
      faraday-multipart (>= 1)
    stringio (3.1.1)
    uri (0.13.1)
    zeitwerk (2.6.18)

PLATFORMS
  ruby
  x86_64-linux

DEPENDENCIES
  debug (~> 1.9)
  dotenv (~> 3.1)
  faraday (~> 2.12)
  langchainrb (~> 0.17.1)
  notion-ruby-client (~> 1.2)
  ruby-openai (~> 7.1)

BUNDLED WITH
   2.5.3
